GIT
  remote: git://github.com/capistrano/capistrano.git
  revision: a66ea8d26b5ac45e7310677889ba94ca3dbe45e3
  specs:
    capistrano (2.9.0)
      highline
      net-scp (>= 1.0.0)
      net-sftp (>= 2.0.0)
      net-ssh (>= 2.0.14)
      net-ssh-gateway (>= 1.1.0)

GEM
  remote: http://rubygems.org/
  specs:
    capistrano-ext (1.2.1)
      capistrano (>= 1.0.0)
    highline (1.6.11)
    net-scp (1.0.4)
      net-ssh (>= 1.99.1)
    net-sftp (2.0.5)
      net-ssh (>= 2.0.9)
    net-ssh (2.3.0)
    net-ssh-gateway (1.1.0)
      net-ssh (>= 1.99.1)

PLATFORMS
  ruby

DEPENDENCIES
  capistrano!
  capistrano-ext
